GEM
  remote: https://rubygems.org/
  specs:
    excon (0.45.4)
    multi_json (1.7.3)
    pusher (0.11.3)
      multi_json (~> 1.0)
      signature (~> 0.1.6)
    rack (1.6.4)
    rack-protection (1.5.3)
      rack
    signature (0.1.7)
    sinatra (1.4.6)
      rack (~> 1.4)
      rack-protection (~> 1.4)
      tilt (>= 1.3, < 3)
    spotify-client (0.0.9)
      excon (~> 0.37)
    tilt (2.0.1)

PLATFORMS
  ruby

DEPENDENCIES
  excon
  pusher
  sinatra
  spotify-client

BUNDLED WITH
   1.10.6
